PATH
  remote: .
  specs:
    cb2 (0.0.3)
      redis (~> 3.1)

GEM
  remote: http://rubygems.org/
  specs:
    diff-lcs (1.2.5)
    minitest (5.4.3)
    power_assert (0.2.2)
    rake (10.3.2)
    redis (3.2.0)
    rr (1.1.2)
    rspec (3.1.0)
      rspec-core (~> 3.1.0)
      rspec-expectations (~> 3.1.0)
      rspec-mocks (~> 3.1.0)
    rspec-core (3.1.7)
      rspec-support (~> 3.1.0)
    rspec-expectations (3.1.2)
      diff-lcs (>= 1.2.0, < 2.0)
      rspec-support (~> 3.1.0)
    rspec-mocks (3.1.3)
      rspec-support (~> 3.1.0)
    rspec-support (3.1.2)
    test-unit (3.0.8)
      power_assert
    timecop (0.7.1)

PLATFORMS
  ruby

DEPENDENCIES
  cb2!
  minitest
  rake (> 0)
  rr (~> 1.1)
  rspec (~> 3.1)
  test-unit
  timecop (~> 0.7)

BUNDLED WITH
   1.11.2
